PATH
  remote: .
  specs:
    secure-keys (1.1.2)
      base64 (~> 0.2.0)
      colorize (~> 1.1.0)
      digest (~> 3.2.0)
      dotenv (~> 3.1.7)
      json (~> 2.10.1)
      logger (~> 1.6.6)
      open3 (~> 0.2.1)
      optparse (~> 0.6.0)
      osx_keychain (~> 1.0.2)
      tty-screen (~> 0.8.2)
      xcodeproj (~> 1.27.0)

GEM
  remote: https://rubygems.org/
  specs:
    CFPropertyList (3.0.7)
      base64
      nkf
      rexml
    RubyInline (3.14.1)
      ZenTest (~> 4.3)
    ZenTest (4.12.2)
    ast (2.4.2)
    atomos (0.1.3)
    base64 (0.2.0)
    claide (1.1.0)
    colored2 (3.1.2)
    colorize (1.1.0)
    diff-lcs (1.6.0)
    digest (3.2.0)
    docile (1.4.1)
    dotenv (3.1.7)
    json (2.10.1)
    language_server-protocol (3.17.0.4)
    logger (1.6.6)
    nanaimo (0.4.0)
    nkf (0.2.0)
    open3 (0.2.1)
    optparse (0.6.0)
    osx_keychain (1.0.2)
      RubyInline (~> 3)
    parallel (1.26.3)
    parser (3.3.7.1)
      ast (~> 2.4.1)
      racc
    racc (1.8.1)
    rainbow (3.1.1)
    rake (13.2.1)
    regexp_parser (2.10.0)
    rexml (3.4.1)
    rspec (3.13.0)
      rspec-core (~> 3.13.0)
      rspec-expectations (~> 3.13.0)
      rspec-mocks (~> 3.13.0)
    rspec-core (3.13.3)
      rspec-support (~> 3.13.0)
    rspec-expectations (3.13.3)
      diff-lcs (>= 1.2.0, < 2.0)
      rspec-support (~> 3.13.0)
    rspec-mocks (3.13.2)
      diff-lcs (>= 1.2.0, < 2.0)
      rspec-support (~> 3.13.0)
    rspec-support (3.13.2)
    rubocop (1.71.2)
      json (~> 2.3)
      language_server-protocol (>= 3.17.0)
      parallel (~> 1.10)
      parser (>= 3.3.0.2)
      rainbow (>= 2.2.2, < 4.0)
      regexp_parser (>= 2.9.3, < 3.0)
      rubocop-ast (>= 1.38.0, < 2.0)
      ruby-progressbar (~> 1.7)
      unicode-display_width (>= 2.4.0, < 4.0)
    rubocop-ast (1.38.0)
      parser (>= 3.3.1.0)
    ruby-debug-ide (0.7.5)
      rake (>= 0.8.1)
    ruby-progressbar (1.13.0)
    simplecov (0.22.0)
      docile (~> 1.1)
      simplecov-html (~> 0.11)
      simplecov_json_formatter (~> 0.1)
    simplecov-html (0.13.1)
    simplecov_json_formatter (0.1.4)
    tty-screen (0.8.2)
    unicode-display_width (3.1.4)
      unicode-emoji (~> 4.0, >= 4.0.4)
    unicode-emoji (4.0.4)
    xcodeproj (1.27.0)
      CFPropertyList (>= 2.3.3, < 4.0)
      atomos (~> 0.1.3)
      claide (>= 1.0.2, < 2.0)
      colored2 (~> 3.1)
      nanaimo (~> 0.4.0)
      rexml (>= 3.3.6, < 4.0)

PLATFORMS
  arm64-darwin-23
  arm64-darwin-24

DEPENDENCIES
  rspec (~> 3.13.0)
  rubocop (~> 1.71.2)
  ruby-debug-ide (~> 0.7.5)
  secure-keys!
  simplecov (~> 0.22.0)

RUBY VERSION
   ruby 3.3.6p108

BUNDLED WITH
   2.5.22
